GEM
  remote: https://rubygems.org/
  specs:
    mini_portile2 (2.1.0)
    nokogiri (1.6.8)
      mini_portile2 (~> 2.1.0)
      pkg-config (~> 1.1.7)
    open_uri_redirections (0.2.1)
    pkg-config (1.1.7)

PLATFORMS
  ruby

DEPENDENCIES
  nokogiri (~> 1.6, >= 1.6.8)
  open_uri_redirections (~> 0.2.1)

BUNDLED WITH
   1.12.5
